GIT
  remote: https://github.com/Follain/endpoint_base
  revision: b3077af5b54ba18ed47bdbef01395b0027ad6637
  specs:
    endpoint_base (0.3)
      activesupport
      jbuilder
      json

PATH
  remote: .
  specs:
    vend_endpoint (0.0.1)
      httparty
      peach
      sinatra
      tilt
      tilt-jbuilder

GEM
  remote: https://rubygems.org/
  specs:
    activesupport (5.0.1)
      concurrent-ruby (~> 1.0, >= 1.0.2)
      i18n (~> 0.7)
      minitest (~> 5.1)
      tzinfo (~> 1.1)
    concurrent-ruby (1.0.4)
    httparty (0.14.0)
      multi_xml (>= 0.5.2)
    i18n (0.8.0)
    jbuilder (2.6.1)
      activesupport (>= 3.0.0, < 5.1)
      multi_json (~> 1.2)
    json (2.0.3)
    minitest (5.10.1)
    multi_json (1.12.1)
    multi_xml (0.6.0)
    peach (0.5.1)
    rack (1.6.5)
    rack-protection (1.5.3)
      rack
    sinatra (1.4.8)
      rack (~> 1.5)
      rack-protection (~> 1.4)
      tilt (>= 1.3, < 3)
    thread_safe (0.3.5)
    tilt (2.0.6)
    tilt-jbuilder (0.7.1)
      jbuilder
      tilt (>= 1.3.0, < 3)
    tzinfo (1.2.2)
      thread_safe (~> 0.1)

PLATFORMS
  ruby

DEPENDENCIES
  endpoint_base!
  vend_endpoint!

BUNDLED WITH
   1.14.3
